PATH
  remote: ../judoscale-ruby
  specs:
    judoscale-ruby (0.1.0.alpha)

PATH
  remote: .
  specs:
    judoscale-que (0.1.0.alpha)
      judoscale-ruby
      que

GEM
  remote: https://rubygems.org/
  specs:
    activemodel (6.1.5)
      activesupport (= 6.1.5)
    activerecord (6.1.5)
      activemodel (= 6.1.5)
      activesupport (= 6.1.5)
    activesupport (6.1.5)
      concurrent-ruby (~> 1.0, >= 1.0.2)
      i18n (>= 1.6, < 2)
      minitest (>= 5.1)
      tzinfo (~> 2.0)
      zeitwerk (~> 2.3)
    concurrent-ruby (1.1.10)
    i18n (1.10.0)
      concurrent-ruby (~> 1.0)
    minitest (5.15.0)
    que (1.4.0)
    rake (13.0.6)
    sqlite3 (1.4.2)
    tzinfo (2.0.4)
      concurrent-ruby (~> 1.0)
    zeitwerk (2.5.4)

PLATFORMS
  arm64-darwin-20
  arm64-darwin-21
  x86_64-darwin-21
  x86_64-linux

DEPENDENCIES
  activerecord (~> 6.1)
  judoscale-que!
  judoscale-ruby!
  minitest
  rake
  sqlite3

BUNDLED WITH
   2.3.8
