PATH
  remote: ../judoscale-ruby
  specs:
    judoscale-ruby (0.1.0.alpha)

PATH
  remote: .
  specs:
    judoscale-sidekiq (0.1.0.alpha)
      judoscale-ruby
      sidekiq (>= 5.0)

GEM
  remote: https://rubygems.org/
  specs:
    connection_pool (2.2.5)
    minitest (5.15.0)
    rack (2.2.3)
    rake (13.0.6)
    redis (4.6.0)
    sidekiq (6.4.1)
      connection_pool (>= 2.2.2)
      rack (~> 2.0)
      redis (>= 4.2.0)

PLATFORMS
  arm64-darwin-20
  x86_64-darwin-21
  x86_64-linux

DEPENDENCIES
  judoscale-ruby!
  judoscale-sidekiq!
  minitest
  rake

BUNDLED WITH
   2.3.8
